GEM
  remote: https://rubygems.org/
  specs:
    pbkdf2-ruby (0.2.1)

PLATFORMS
  ruby

DEPENDENCIES
  pbkdf2-ruby
